GIT
  remote: git://github.com/lostisland/faraday_middleware.git
  revision: b4b19115dd3e3ad0a4f66bdfcf97b61a85964b60
  branch: faraday-0.9
  specs:
    faraday_middleware (0.9.0)
      faraday (~> 0.9.0.rc5)

PATH
  remote: .
  specs:
    tapjoy-faraday-http-cache (0.4.1)
      faraday (~> 0.8)

GEM
  remote: http://rubygems.org/
  specs:
    activesupport (4.0.2)
      i18n (~> 0.6, >= 0.6.4)
      minitest (~> 4.2)
      multi_json (~> 1.3)
      thread_safe (~> 0.1)
      tzinfo (~> 0.3.37)
    addressable (2.3.5)
    atomic (1.1.14)
    builder (3.2.2)
    ci_reporter (1.9.1)
      builder (>= 2.1.2)
    cookiejar (0.3.0)
    diff-lcs (1.2.5)
    em-http-request (1.1.2)
      addressable (>= 2.3.4)
      cookiejar
      em-socksify (>= 0.3)
      eventmachine (>= 1.0.3)
      http_parser.rb (>= 0.6.0)
    em-socksify (0.3.0)
      eventmachine (>= 1.0.0.beta.4)
    eventmachine (1.0.3)
    faraday (0.9.0)
      multipart-post (>= 1.2, < 3)
    http_parser.rb (0.6.0)
    i18n (0.6.9)
    minitest (4.7.5)
    multi_json (1.8.4)
    multipart-post (2.0.0)
    rack (1.5.2)
    rack-protection (1.5.2)
      rack
    rake (10.1.1)
    rspec (3.0.0.beta1)
      rspec-core (= 3.0.0.beta1)
      rspec-expectations (= 3.0.0.beta1)
      rspec-mocks (= 3.0.0.beta1)
    rspec-core (3.0.0.beta1)
      rspec-support (= 3.0.0.beta1)
    rspec-expectations (3.0.0.beta1)
      diff-lcs (>= 1.1.3, < 2.0)
      rspec-support (= 3.0.0.beta1)
    rspec-mocks (3.0.0.beta1)
      rspec-support (= 3.0.0.beta1)
    rspec-support (3.0.0.beta1)
    sinatra (1.4.4)
      rack (~> 1.4)
      rack-protection (~> 1.4)
      tilt (~> 1.3, >= 1.3.4)
    thread_safe (0.1.3)
      atomic
    tilt (1.4.1)
    tzinfo (0.3.38)

PLATFORMS
  ruby

DEPENDENCIES
  activesupport (>= 3.0)
  ci_reporter
  em-http-request (~> 1.1.0)
  faraday_middleware!
  rake (~> 10.1.0)
  rspec (= 3.0.0.beta1)
  sinatra (~> 1.4.3)
  tapjoy-faraday-http-cache!
